GEM
  remote: https://rubygems.org/
  specs:
    amatch (0.2.10)
      tins (~> 0.3)
    colorize (0.5.8)
    macaddr (1.6.1)
      systemu (~> 2.5.0)
    ruby-stemmer (0.9.3)
    systemu (2.5.1)
    tins (0.4.2)
    uuid (2.3.5)
      macaddr (~> 1.0)

PLATFORMS
  ruby

DEPENDENCIES
  amatch
  colorize
  ruby-stemmer
  uuid
