PATH
  remote: .
  specs:
    text-analysis-utils (0.5.0)
      amatch
      colorize
      ruby-stemmer
      uuid

GEM
  remote: https://rubygems.org/
  specs:
    amatch (0.2.11)
      tins (~> 0.3)
    colorize (0.6.0)
    macaddr (1.6.1)
      systemu (~> 2.5.0)
    ruby-stemmer (0.9.3)
    systemu (2.5.2)
    tins (0.13.1)
    uuid (2.3.7)
      macaddr (~> 1.0)

PLATFORMS
  ruby

DEPENDENCIES
  text-analysis-utils!
